GEM
  remote: https://rubygems.org/
  specs:
    dotenv (0.9.0)
    foreman (0.63.0)
      dotenv (>= 0.7)
      thor (>= 0.13.6)
    hpricot (0.8.6)
    mustache (0.99.5)
    rack (1.5.2)
    rdiscount (2.1.7)
    ronn (0.7.3)
      hpricot (>= 0.8.2)
      mustache (>= 0.7.0)
      rdiscount (>= 1.5.8)
    simple-ui (0.2.1)
    thor (0.18.1)

PLATFORMS
  ruby

DEPENDENCIES
  foreman
  rack
  ronn
  simple-ui (~> 0.2.1)
  thor
